{
    "AcquisitionMatrixPE": 74,
    "AcquisitionNumber": 1,
    "AcquisitionTime": "14:04:27.152500",
    "BaseResolution": 74,
    "BodyPartExamined": "BRAIN",
    "CoilCombinationMethod": "Sum of Squares",
    "ConsistencyInfo": "N4_VE11C_LATEST_20160120",
    "ConversionSoftware": "dcm2niix",
    "ConversionSoftwareVersion": "v1.0.20220720",
    "DeviceSerialNumber": "166048",
    "DwellTime": 1.93e-05,
    "EchoNumber": 2,
    "EchoTime": 0.00738,
    "EchoTime1": 0.00492,
    "EchoTime2": 0.00738,
    "FlipAngle": 60,
    "HeudiconvVersion": "1.0.0",
    "ImageOrientationPatientDICOM": [
        1,
        0,
        0,
        0,
        0.984503,
        -0.175367
    ],
    "ImageOrientationText": "Tra>Cor(-10.1)",
    "ImageType": [
        "ORIGINAL",
        "PRIMARY",
        "P",
        "ND",
        "PHASE"
    ],
    "ImagingFrequency": 123.246,
    "InPlanePhaseEncodingDirectionDICOM": "COL",
    "InstitutionAddress": "North 13th 1701,Philadelphia,PA,US,19122",
    "InstitutionName": "Temple University - Weiss Hall",
    "InstitutionalDepartmentName": "Department",
    "IntendedFor": [
        "func/sub-1013_task-ugdg_run-2_sbref.nii.gz",
        "func/sub-1013_task-mid_run-2_sbref.nii.gz",
        "func/sub-1013_task-ugdg_run-1_sbref.nii.gz",
        "func/sub-1013_task-mid_run-1_sbref.nii.gz",
        "func/sub-1013_task-sharedreward_run-2_bold.nii.gz",
        "func/sub-1013_task-ugdg_run-1_bold.nii.gz",
        "func/sub-1013_task-sharedreward_run-2_sbref.nii.gz",
        "func/sub-1013_task-doors_run-1_bold.nii.gz",
        "func/sub-1013_task-socialdoors_run-1_sbref.nii.gz",
        "func/sub-1013_task-sharedreward_run-1_sbref.nii.gz",
        "func/sub-1013_task-mid_run-2_bold.nii.gz",
        "func/sub-1013_task-mid_run-1_bold.nii.gz",
        "func/sub-1013_task-socialdoors_run-1_bold.nii.gz",
        "func/sub-1013_task-ugdg_run-2_bold.nii.gz",
        "func/sub-1013_task-doors_run-1_sbref.nii.gz",
        "func/sub-1013_task-sharedreward_run-1_bold.nii.gz"
    ],
    "MRAcquisitionType": "2D",
    "MagneticFieldStrength": 3,
    "Manufacturer": "Siemens",
    "ManufacturersModelName": "Prisma",
    "MatrixCoilMode": "SENSE",
    "Modality": "MR",
    "MultibandAccelerationFactor": 2,
    "NonlinearGradientCorrection": false,
    "PartialFourier": 1,
    "PatientPosition": "HFS",
    "PercentPhaseFOV": 100,
    "PercentSampling": 100,
    "PhaseEncodingDirection": "j-",
    "PhaseEncodingSteps": 74,
    "PhaseResolution": 1,
    "PixelBandwidth": 350,
    "ProcedureStepDescription": "Smith Lab^Smith_iStart",
    "ProtocolName": "fmap_gre_field_mapping_2p8iso",
    "PulseSequenceDetails": "%SiemensSeq%\\gre_field_mapping",
    "ReceiveCoilActiveElements": "HE1-4;NE1,2",
    "ReceiveCoilName": "HeadNeck_20",
    "ReconMatrixPE": 74,
    "RepetitionTime": 0.645,
    "SAR": 0.125314,
    "ScanningSequence": "GR",
    "SequenceName": "*fm2d2r",
    "SequenceVariant": "SP",
    "SeriesDescription": "fmap_gre_field_mapping_2p8iso",
    "SeriesNumber": 6,
    "ShimSetting": [
        1436,
        -7417,
        6510,
        332,
        41,
        51,
        -55,
        18
    ],
    "SliceThickness": 2.8,
    "SliceTiming": [
        0.32812,
        0,
        0.32812,
        0.01562,
        0.34375,
        0.01562,
        0.35938,
        0.03125,
        0.35938,
        0.04688,
        0.375,
        0.0625,
        0.39062,
        0.0625,
        0.40625,
        0.07812,
        0.40625,
        0.09375,
        0.42188,
        0.10938,
        0.4375,
        0.10938,
        0.45312,
        0.125,
        0.45312,
        0.14062,
        0.46875,
        0.14062,
        0.48438,
        0.15625,
        0.48438,
        0.17188,
        0.5,
        0.17188,
        0.51562,
        0.1875,
        0.53125,
        0.20312,
        0.53125,
        0.21875,
        0.54688,
        0.21875,
        0.5625,
        0.23438,
        0.5625,
        0.25,
        0.57812,
        0.25,
        0.59375,
        0.26562,
        0.60938,
        0.28125,
        0.60938,
        0.29688,
        0.625,
        0.29688,
        0.64062,
        0.3125
    ],
    "SoftwareVersions": "syngo MR E11",
    "SpacingBetweenSlices": 2.8,
    "StationName": "AWP166048",
    "TxRefAmp": 251.062
}