{
    "AcquisitionMatrixPE": 74,
    "AcquisitionNumber": 1,
    "AcquisitionTime": "10:14:59.232500",
    "BaseResolution": 74,
    "BodyPartExamined": "BRAIN",
    "CoilCombinationMethod": "Sum of Squares",
    "ConsistencyInfo": "N4_VE11E_LATEST_20181129",
    "ConversionSoftware": "dcm2niix",
    "ConversionSoftwareVersion": "v1.0.20220720",
    "DeviceSerialNumber": "166048",
    "DwellTime": 1.93e-05,
    "EchoNumber": 2,
    "EchoTime": 0.00738,
    "FlipAngle": 60,
    "HeudiconvVersion": "1.0.0",
    "ImageOrientationPatientDICOM": [
        1,
        0,
        0,
        0,
        0.984503,
        -0.175367
    ],
    "ImageOrientationText": "Tra>Cor(-10.1)",
    "ImageType": [
        "ORIGINAL",
        "PRIMARY",
        "M",
        "ND",
        "NORM"
    ],
    "ImagingFrequency": 123.245,
    "InPlanePhaseEncodingDirectionDICOM": "COL",
    "InstitutionAddress": "North 13th 1701,Philadelphia,PA,US,19122",
    "InstitutionName": "Temple University - Weiss Hall",
    "InstitutionalDepartmentName": "Department",
    "IntendedFor": [
        "func/sub-1286_task-ugdg_run-1_sbref.nii.gz",
        "func/sub-1286_task-doors_run-1_sbref.nii.gz",
        "func/sub-1286_task-mid_run-2_sbref.nii.gz",
        "func/sub-1286_task-ugdg_run-2_sbref.nii.gz",
        "func/sub-1286_task-mid_run-1_sbref.nii.gz",
        "func/sub-1286_task-socialdoors_run-1_bold.nii.gz",
        "func/sub-1286_task-ugdg_run-1_bold.nii.gz",
        "func/sub-1286_task-doors_run-1_bold.nii.gz",
        "func/sub-1286_task-sharedreward_run-1_bold.nii.gz",
        "func/sub-1286_task-mid_run-1_bold.nii.gz",
        "func/sub-1286_task-sharedreward_run-2_bold.nii.gz",
        "func/sub-1286_task-mid_run-2_bold.nii.gz",
        "func/sub-1286_task-ugdg_run-2_bold.nii.gz",
        "func/sub-1286_task-socialdoors_run-1_sbref.nii.gz",
        "func/sub-1286_task-sharedreward_run-2_sbref.nii.gz",
        "func/sub-1286_task-sharedreward_run-1_sbref.nii.gz"
    ],
    "MRAcquisitionType": "2D",
    "MagneticFieldStrength": 3,
    "Manufacturer": "Siemens",
    "ManufacturersModelName": "Prisma",
    "MatrixCoilMode": "SENSE",
    "Modality": "MR",
    "NonlinearGradientCorrection": false,
    "PartialFourier": 1,
    "PatientPosition": "HFS",
    "PercentPhaseFOV": 100,
    "PercentSampling": 100,
    "PhaseEncodingDirection": "j-",
    "PhaseEncodingSteps": 74,
    "PhaseResolution": 1,
    "PixelBandwidth": 350,
    "ProcedureStepDescription": "Smith Lab^Smith_iStart",
    "ProtocolName": "fmap_gre_field_mapping_2p8iso",
    "PulseSequenceDetails": "%SiemensSeq%\\gre_field_mapping",
    "ReceiveCoilActiveElements": "HE1-4;NE1,2",
    "ReceiveCoilName": "HeadNeck_20",
    "ReconMatrixPE": 74,
    "RepetitionTime": 0.645,
    "SAR": 0.134043,
    "ScanningSequence": "GR",
    "SequenceName": "*fm2d2r",
    "SequenceVariant": "SP",
    "SeriesDescription": "fmap_gre_field_mapping_2p8iso",
    "SeriesNumber": 5,
    "ShimSetting": [
        1462,
        -7453,
        6426,
        295,
        -13,
        187,
        37,
        39
    ],
    "SliceThickness": 2.8,
    "SliceTiming": [
        0.32812,
        0,
        0.33594,
        0.01562,
        0.35156,
        0.02344,
        0.35938,
        0.03906,
        0.375,
        0.04688,
        0.38281,
        0.0625,
        0.39062,
        0.07031,
        0.40625,
        0.07812,
        0.41406,
        0.09375,
        0.42969,
        0.10156,
        0.4375,
        0.11719,
        0.44531,
        0.125,
        0.46094,
        0.14062,
        0.46875,
        0.14844,
        0.48438,
        0.15625,
        0.49219,
        0.17188,
        0.5,
        0.17969,
        0.51562,
        0.19531,
        0.52344,
        0.20312,
        0.53906,
        0.21875,
        0.54688,
        0.22656,
        0.5625,
        0.24219,
        0.57031,
        0.25,
        0.58594,
        0.25781,
        0.59375,
        0.27344,
        0.60156,
        0.28125,
        0.61719,
        0.29688,
        0.625,
        0.30469,
        0.64062,
        0.3125
    ],
    "SoftwareVersions": "syngo MR E11",
    "SpacingBetweenSlices": 2.8,
    "StationName": "AWP166048",
    "TxRefAmp": 260.671
}