{
    "AcquisitionMatrixPE": 74,
    "AcquisitionNumber": 1,
    "AcquisitionTime": "13:01:34.480000",
    "BaseResolution": 74,
    "BodyPartExamined": "BRAIN",
    "CoilCombinationMethod": "Sum of Squares",
    "ConsistencyInfo": "N4_VE11E_LATEST_20181129",
    "ConversionSoftware": "dcm2niix",
    "ConversionSoftwareVersion": "v1.0.20220720",
    "DeviceSerialNumber": "166048",
    "DwellTime": 1.93e-05,
    "EchoNumber": 1,
    "EchoTime": 0.00492,
    "FlipAngle": 60,
    "HeudiconvVersion": "1.0.0",
    "ImageOrientationPatientDICOM": [
        1,
        0,
        0,
        0,
        0.999877,
        -0.0157073
    ],
    "ImageOrientationText": "Tra>Cor(-0.9)",
    "ImageType": [
        "ORIGINAL",
        "PRIMARY",
        "M",
        "ND",
        "NORM"
    ],
    "ImagingFrequency": 123.246,
    "InPlanePhaseEncodingDirectionDICOM": "COL",
    "InstitutionAddress": "North 13th 1701,Philadelphia,PA,US,19122",
    "InstitutionName": "Temple University - Weiss Hall",
    "InstitutionalDepartmentName": "Department",
    "IntendedFor": [
        "func/sub-1244_task-sharedreward_run-1_bold.nii.gz",
        "func/sub-1244_task-doors_run-1_bold.nii.gz",
        "func/sub-1244_task-ugdg_run-1_bold.nii.gz",
        "func/sub-1244_task-ugdg_run-2_sbref.nii.gz",
        "func/sub-1244_task-mid_run-1_sbref.nii.gz",
        "func/sub-1244_task-mid_run-2_sbref.nii.gz",
        "func/sub-1244_task-mid_run-1_bold.nii.gz",
        "func/sub-1244_task-ugdg_run-1_sbref.nii.gz",
        "func/sub-1244_task-mid_run-2_bold.nii.gz",
        "func/sub-1244_task-socialdoors_run-1_bold.nii.gz",
        "func/sub-1244_task-socialdoors_run-1_sbref.nii.gz",
        "func/sub-1244_task-ugdg_run-2_bold.nii.gz",
        "func/sub-1244_task-sharedreward_run-2_bold.nii.gz",
        "func/sub-1244_task-doors_run-1_sbref.nii.gz",
        "func/sub-1244_task-sharedreward_run-1_sbref.nii.gz",
        "func/sub-1244_task-sharedreward_run-2_sbref.nii.gz"
    ],
    "MRAcquisitionType": "2D",
    "MagneticFieldStrength": 3,
    "Manufacturer": "Siemens",
    "ManufacturersModelName": "Prisma",
    "MatrixCoilMode": "SENSE",
    "Modality": "MR",
    "NonlinearGradientCorrection": false,
    "PartialFourier": 1,
    "PatientPosition": "HFS",
    "PercentPhaseFOV": 100,
    "PercentSampling": 100,
    "PhaseEncodingDirection": "j-",
    "PhaseEncodingSteps": 74,
    "PhaseResolution": 1,
    "PixelBandwidth": 350,
    "ProcedureStepDescription": "Smith Lab^Smith_iStart",
    "ProtocolName": "fmap_gre_field_mapping_2p8iso",
    "PulseSequenceDetails": "%SiemensSeq%\\gre_field_mapping",
    "ReceiveCoilActiveElements": "HE1-4;NE1,2",
    "ReceiveCoilName": "HeadNeck_20",
    "ReconMatrixPE": 74,
    "RepetitionTime": 0.645,
    "SAR": 0.131678,
    "ScanningSequence": "GR",
    "SequenceName": "*fm2d2r",
    "SequenceVariant": "SP",
    "SeriesDescription": "fmap_gre_field_mapping_2p8iso",
    "SeriesNumber": 5,
    "ShimSetting": [
        1414,
        -7444,
        6461,
        355,
        69,
        8,
        11,
        46
    ],
    "SliceThickness": 2.8,
    "SliceTiming": [
        0.32031,
        0,
        0.33594,
        0.00781,
        0.34375,
        0.02344,
        0.35938,
        0.03125,
        0.36719,
        0.04688,
        0.375,
        0.05469,
        0.39062,
        0.0625,
        0.39844,
        0.07812,
        0.41406,
        0.08594,
        0.42188,
        0.10156,
        0.4375,
        0.10938,
        0.44531,
        0.125,
        0.45312,
        0.13281,
        0.46875,
        0.14062,
        0.47656,
        0.15625,
        0.49219,
        0.16406,
        0.5,
        0.17969,
        0.50781,
        0.1875,
        0.52344,
        0.20312,
        0.53125,
        0.21094,
        0.54688,
        0.22656,
        0.55469,
        0.23438,
        0.57031,
        0.25,
        0.57812,
        0.25781,
        0.58594,
        0.26562,
        0.60156,
        0.28125,
        0.60938,
        0.28906,
        0.625,
        0.30469,
        0.63281,
        0.3125
    ],
    "SoftwareVersions": "syngo MR E11",
    "SpacingBetweenSlices": 2.8,
    "StationName": "AWP166048",
    "TxRefAmp": 262.288
}