{
  "AcquisitionMatrixPE": 80,
  "AcquisitionNumber": 1,
  "AcquisitionTime": "10:49:10.492500",
  "BandwidthPerPixelPhaseEncode": 24.51,
  "BaseResolution": 80,
  "BodyPartExamined": "BRAIN",
  "CoilCombinationMethod": "Sum of Squares",
  "ConsistencyInfo": "N4_VE11E_LATEST_20181129",
  "ConversionSoftware": "dcm2niix",
  "ConversionSoftwareVersion": "v1.0.20220720",
  "DerivedVendorReportedEchoSpacing": 0.000509996,
  "DeviceSerialNumber": "166048",
  "DwellTime": 2.8e-06,
  "EchoTime": 0.029,
  "EchoTrainLength": 80,
  "EffectiveEchoSpacing": 0.000509996,
  "FlipAngle": 74,
  "HeudiconvVersion": "1.0.0",
  "ImageComments": "Single-band reference",
  "ImageOrientationPatientDICOM": [1, 0, 0, 0, 0.993768, -0.111469],
  "ImageOrientationText": "Tra>Cor(-6.4)",
  "ImageType": [
    "ORIGINAL",
    "PRIMARY",
    "M",
    "ND",
    "NORM",
    "MOSAIC"
],
  "ImagingFrequency": 123.246,
  "InPlanePhaseEncodingDirectionDICOM": "COL",
  "InstitutionAddress": "North 13th 1701,Philadelphia,PA,US,19122",
  "InstitutionName": "Temple University - Weiss Hall",
  "InstitutionalDepartmentName": "Department",
  "MRAcquisitionType": "2D",
  "MagneticFieldStrength": 3,
  "Manufacturer": "Siemens",
  "ManufacturersModelName": "Prisma",
  "MatrixCoilMode": "SENSE",
  "Modality": "MR",
  "NonlinearGradientCorrection": false,
  "PartialFourier": 1,
  "PatientPosition": "HFS",
  "PercentPhaseFOV": 100,
  "PercentSampling": 100,
  "PhaseEncodingDirection": "j-",
  "PhaseEncodingSteps": 80,
  "PhaseResolution": 1,
  "PixelBandwidth": 2230,
  "ProcedureStepDescription": "Smith Lab^Smith_iStart",
  "ProtocolName": "cmrr_mbep2d_mb2_3mm_task-UGDG_run0",
  "PulseSequenceDetails": "%CustomerSeq%\\cmrr_mbep2d_bold",
  "ReceiveCoilActiveElements": "HE1-4;NE1,2",
  "ReceiveCoilName": "HeadNeck_20",
  "ReconMatrixPE": 80,
  "RepetitionTime": 1.75,
  "SAR": 0.0645496,
  "ScanOptions": "FS",
  "ScanningSequence": "EP",
  "SequenceName": "epfid2d1_80",
  "SequenceVariant": "SK\\SS",
  "SeriesDescription": "cmrr_mbep2d_mb2_3mm_task-UGDG_run0_SBRef",
  "SeriesNumber": 13,
  "ShimSetting": [1413, -7476, 6469, 166, -15, -189, -57, -1],
  "SliceThickness": 3.05,
  "SliceTiming": [0, 0.065, 0.1325, 0.2, 0.265, 0.3325, 0.3975, 0.465, 0.5325, 0.5975, 0.665, 0.73, 0.7975, 0.865, 0.93, 0.9975, 1.0625, 1.13, 1.1975, 1.2625, 1.33, 1.3975, 1.4625, 1.53, 1.595, 1.6625, 1.73, 1.795, 1.8625, 1.9275, 1.995, 2.0625, 2.1275, 2.195, 2.26, 2.3275, 2.395, 2.46, 2.5275, 2.595, 2.66, 2.7275, 2.7925, 2.86, 2.9275, 2.9925, 3.06, 3.125, 3.1925, 3.26, 3.325, 3.3925],
  "SoftwareVersions": "syngo MR E11",
  "SpacingBetweenSlices": 3.05,
  "StationName": "AWP166048",
  "TaskName": "ugdg",
  "TotalReadoutTime": 0.0402897,
  "TxRefAmp": 294.924,
  "WipMemBlock": "0368f5e7-6e45-42ee-98f5-0369e7175882||Sequence: R016 ve11e/master r/434b28f1; Aug  7 2019 18:53:46 by eja"
}